GEM
  remote: https://rubygems.org/
  specs:
    concurrent-ruby (1.0.5)
    daemons (1.2.4)
    eventmachine (1.2.3)
    kgio (2.11.0)
    libv8 (5.7.492.65.1-x86_64-darwin-16)
    puma (3.9.1)
    rack (2.0.3)
    rack-delay (0.2.0)
      rack
    raindrops (0.18.0)
    thin (1.7.2)
      daemons (~> 1.0, >= 1.0.9)
      eventmachine (~> 1.0, >= 1.0.4)
      rack (>= 1, < 3)
    unicorn (5.3.0)
      kgio (~> 2.6)
      raindrops (~> 0.7)

PLATFORMS
  ruby

DEPENDENCIES
  concurrent-ruby
  libv8
  puma
  rack
  rack-delay
  thin
  unicorn

BUNDLED WITH
   1.14.5
